GEM
  remote: https://rubygems.org/
  specs:
    google-protobuf (3.21.9)
    googleapis-common-protos-types (1.4.0)
      google-protobuf (~> 3.14)
    grpc (1.54.2)
      google-protobuf (~> 3.21)
      googleapis-common-protos-types (~> 1.0)
    multi_json (1.15.0)

PLATFORMS
  ruby

DEPENDENCIES
  google-protobuf (= 3.21.9)
  grpc (= 1.54.2)
  multi_json (= 1.15.0)
